PATH
  remote: .
  specs:
    rack-recaptcha (0.6.2)
      json

GEM
  remote: http://rubygems.org/
  specs:
    fakeweb (1.3.0)
    json (1.5.3)
    rack (1.3.2)
    rack-test (0.5.7)
      rack (>= 1.0)
    riot (0.12.4)
      rr
    rr (1.0.3)

PLATFORMS
  ruby

DEPENDENCIES
  fakeweb (~> 1.3.0)
  rack-recaptcha!
  rack-test (~> 0.5.7)
  riot (~> 0.12.3)
  rr (~> 1.0.2)
